GEM
  remote: https://rubygems.org/
  specs:
    nokogiri (1.16.6-arm64-darwin)
      racc (~> 1.4)
    racc (1.8.0)

PLATFORMS
  arm64-darwin

DEPENDENCIES
  nokogiri

BUNDLED WITH
   2.5.15
